GIT
  remote: git://github.com/rubyist/guard-rake.git
  revision: f01b694bf257771db5080ec94dbc544826986ee2
  specs:
    guard-rake (0.0.1)
      guard
      rake

GEM
  remote: http://rubygems.org/
  specs:
    growl (1.0.3)
    guard (0.5.1)
      thor (~> 0.14.6)
    guard-shell (0.1.1)
      guard (>= 0.2.0)
    rake (0.9.2)
    rb-fsevent (0.4.2)
    thor (0.14.6)

PLATFORMS
  java
  ruby

DEPENDENCIES
  growl
  guard
  guard-rake!
  guard-shell
  rb-fsevent
